GEM
  remote: https://rubygems.org/
  specs:
    coderay (1.1.0)
    httpclient (2.7.1)
    method_source (0.8.2)
    pry (0.10.3)
      coderay (~> 1.1.0)
      method_source (~> 0.8.1)
      slop (~> 3.4)
    rake (10.4.2)
    redcarpet (3.3.4)
    slim (3.0.6)
      temple (~> 0.7.3)
      tilt (>= 1.3.3, < 2.1)
    slop (3.6.0)
    temple (0.7.6)
    tilt (2.0.2)

PLATFORMS
  ruby

DEPENDENCIES
  httpclient
  pry
  rake
  redcarpet
  slim

BUNDLED WITH
   1.11.2
