GEM
  remote: https://rubygems.org/
  specs:
    activemodel (4.2.5)
      activesupport (= 4.2.5)
      builder (~> 3.1)
    activerecord (4.2.5)
      activemodel (= 4.2.5)
      activesupport (= 4.2.5)
      arel (~> 6.0)
    activesupport (4.2.5)
      i18n (~> 0.7)
      json (~> 1.7, >= 1.7.7)
      minitest (~> 5.1)
      thread_safe (~> 0.3, >= 0.3.4)
      tzinfo (~> 1.1)
    addressable (2.4.0)
    arel (6.0.3)
    backports (3.6.7)
    buftok (0.2.0)
    builder (3.2.2)
    byebug (8.2.1)
    coderay (1.1.0)
    config (1.0.0)
      activesupport (>= 3.0)
      deep_merge (~> 1.0.0)
    database_cleaner (1.5.1)
    deep_merge (1.0.1)
    docile (1.1.5)
    domain_name (0.5.20160128)
      unf (>= 0.0.5, < 1.0.0)
    dotenv (2.1.0)
    equalizer (0.0.10)
    factory_girl (4.5.0)
      activesupport (>= 3.0.0)
    faraday (0.9.2)
      multipart-post (>= 1.2, < 3)
    google_custom_search_api (2.0.0)
      addressable
      httparty
    http (1.0.2)
      addressable (~> 2.3)
      http-cookie (~> 1.0)
      http-form_data (~> 1.0.1)
      http_parser.rb (~> 0.6.0)
    http-cookie (1.0.2)
      domain_name (~> 0.5)
    http-form_data (1.0.1)
    http_parser.rb (0.6.0)
    httparty (0.13.7)
      json (~> 1.8)
      multi_xml (>= 0.5.2)
    httpclient (2.7.1)
    i18n (0.7.0)
    json (1.8.3)
    memoizable (0.4.2)
      thread_safe (~> 0.3, >= 0.3.1)
    method_source (0.8.2)
    minitest (5.8.3)
    minitest-power_assert (0.2.0)
      minitest
      power_assert
    multi_json (1.11.2)
    multi_xml (0.5.5)
    multipart-post (2.0.0)
    naught (1.1.0)
    oauth (0.4.7)
    pg (0.18.4)
    power_assert (0.2.7)
    pry (0.10.3)
      coderay (~> 1.1.0)
      method_source (~> 0.8.1)
      slop (~> 3.4)
    pry-byebug (3.3.0)
      byebug (~> 8.0)
      pry (~> 0.10)
    rack (1.6.4)
    rack-protection (1.5.3)
      rack
    rack-test (0.6.3)
      rack (>= 1.0)
    rake (10.5.0)
    redcarpet (3.3.4)
    simple_oauth (0.3.1)
    simplecov (0.11.1)
      docile (~> 1.1.0)
      json (~> 1.8)
      simplecov-html (~> 0.10.0)
    simplecov-html (0.10.0)
    sinatra (1.4.6)
      rack (~> 1.4)
      rack-protection (~> 1.4)
      tilt (>= 1.3, < 3)
    sinatra-activerecord (2.0.9)
      activerecord (>= 3.2)
      sinatra (~> 1.0)
    sinatra-contrib (1.4.6)
      backports (>= 2.0)
      multi_json
      rack-protection
      rack-test
      sinatra (~> 1.4.0)
      tilt (>= 1.3, < 3)
    slop (3.6.0)
    sqlite3 (1.3.11)
    thread_safe (0.3.5)
    tilt (2.0.2)
    twitter (5.16.0)
      addressable (~> 2.3)
      buftok (~> 0.2.0)
      equalizer (= 0.0.10)
      faraday (~> 0.9.0)
      http (~> 1.0)
      http_parser.rb (~> 0.6.0)
      json (~> 1.8)
      memoizable (~> 0.4.0)
      naught (~> 1.0)
      simple_oauth (~> 0.3.0)
    tzinfo (1.2.2)
      thread_safe (~> 0.1)
    unf (0.1.4)
      unf_ext
    unf_ext (0.0.7.1)

PLATFORMS
  ruby

DEPENDENCIES
  activesupport
  config
  database_cleaner
  dotenv
  factory_girl
  google_custom_search_api
  httpclient
  minitest-power_assert
  oauth
  pg
  pry-byebug
  rake
  redcarpet
  simplecov
  sinatra
  sinatra-activerecord
  sinatra-contrib
  sqlite3
  twitter

BUNDLED WITH
   1.11.2
